GEM
  remote: http://rubygems.org/
  specs:
    byebug (11.1.3)
    httparty (0.13.7)
      json (~> 1.8)
      multi_xml (>= 0.5.2)
    json (1.8.6)
    mini_portile2 (2.4.0)
    multi_xml (0.6.0)
    nokogiri (1.10.9-x64-mingw32)
      mini_portile2 (~> 2.4.0)

PLATFORMS
  x64-mingw32

DEPENDENCIES
  byebug
  httparty
  nokogiri

BUNDLED WITH
   1.17.2
